GEM
  remote: https://rubygems.org/
  specs:
    diff-lcs (1.2.5)
    highline (1.7.1)
    json (1.8.3)
    multi_json (1.11.0)
    net-scp (1.2.1)
      net-ssh (>= 2.6.5)
    net-ssh (2.9.2)
    rake (10.4.2)
    rdoc (4.2.0)
      json (~> 1.4)
    rspec (3.2.0)
      rspec-core (~> 3.2.0)
      rspec-expectations (~> 3.2.0)
      rspec-mocks (~> 3.2.0)
    rspec-core (3.2.3)
      rspec-support (~> 3.2.0)
    rspec-expectations (3.2.1)
      diff-lcs (>= 1.2.0, < 2.0)
      rspec-support (~> 3.2.0)
    rspec-its (1.2.0)
      rspec-core (>= 3.0.0)
      rspec-expectations (>= 3.0.0)
    rspec-mocks (3.2.1)
      diff-lcs (>= 1.2.0, < 2.0)
      rspec-support (~> 3.2.0)
    rspec-support (3.2.2)
    serverspec (2.3.1)
      multi_json
      rspec (~> 3.0)
      rspec-its
      specinfra (~> 2.3)
    specinfra (2.34.5)
      net-scp
      net-ssh

PLATFORMS
  ruby

DEPENDENCIES
  bundler
  highline
  rake (>= 10.4.2)
  rdoc
  rspec
  serverspec (= 2.3.1)
